GEM
  remote: https://rubygems.org/
  specs:
    chunky_png (1.3.0)
    compass (0.12.4)
      chunky_png (~> 1.2)
      fssm (>= 0.2.7)
      sass (~> 3.2.17)
    fssm (0.2.10)
    modular-scale (2.0.4)
      compass (>= 0.12.0)
    responsive-modular-scale (0.2.0)
      modular-scale (>= 1.0.6)
    sass (3.2.18)
    zurb-foundation (4.3.2)
      sass (>= 3.2.0)

PLATFORMS
  ruby

DEPENDENCIES
  compass
  modular-scale
  responsive-modular-scale
  sass (~> 3.2)
  zurb-foundation
